GEM
  remote: http://rubygems.org/
  specs:
    active_support (3.0.0)
      activesupport (= 3.0.0)
    activesupport (3.0.0)
    i18n (0.5.0)
    redis (2.2.2)

PLATFORMS
  ruby

DEPENDENCIES
  active_support
  i18n
  redis
